GEM
  remote: https://rubygems.org/
  specs:
    daemons (1.1.9)
    eventmachine (0.12.10)
    faraday (0.8.7)
      multipart-post (~> 1.1)
    haml (4.0.3)
      tilt
    multi_json (1.7.7)
    multipart-post (1.2.0)
    rack (1.4.1)
    simple_oauth (0.2.0)
    sinatra (1.1.0)
      rack (~> 1.1)
      tilt (~> 1.1)
    thin (1.4.1)
      daemons (>= 1.0.9)
      eventmachine (>= 0.12.6)
      rack (>= 1.0.0)
    tilt (1.3.3)
    twitter (4.8.1)
      faraday (~> 0.8, < 0.10)
      multi_json (~> 1.0)
      simple_oauth (~> 0.2)

PLATFORMS
  ruby

DEPENDENCIES
  haml
  sinatra (= 1.1.0)
  thin
  twitter
